GEM
  remote: http://rubygems.org/
  specs:
    curb (0.8.1)
    json (1.5.1)

PLATFORMS
  ruby

DEPENDENCIES
  curb
  json
